GEM
  remote: https://rubygems.org/
  specs:
    backports (3.4.0)
    daemons (1.1.9)
    dotenv (0.9.0)
    eventmachine (1.0.3)
    factual-api (1.3.11)
      json (>= 1.2.0)
      oauth (>= 0.4.4)
    faraday (0.8.9)
      multipart-post (~> 1.2.0)
    faraday_middleware (0.9.0)
      faraday (>= 0.7.4, < 0.9)
    foreman (0.63.0)
      dotenv (>= 0.7)
      thor (>= 0.13.6)
    glutton_ratelimit (0.2.0)
    httpclient (2.3.4.1)
    jsmin (1.0.1)
    json (1.8.1)
    multi_json (1.8.4)
    multipart-post (1.2.0)
    neography (1.3.8)
      httpclient (>= 2.3.3)
      json (>= 1.7.7)
      multi_json (>= 1.3.2)
      os (>= 0.9.6)
      rake (>= 0.8.7)
      rubyzip (>= 1.0.0)
    oauth (0.4.7)
    oj (2.5.4)
    os (0.9.6)
    rack (1.5.2)
    rack-protection (1.5.2)
      rack
    rack-test (0.6.2)
      rack (>= 1.0)
    rake (10.1.1)
    rubyzip (1.1.0)
    sinatra (1.4.4)
      rack (~> 1.4)
      rack-protection (~> 1.4)
      tilt (~> 1.3, >= 1.3.4)
    sinatra-assetpack (0.3.2)
      jsmin
      rack-test
      sinatra
      tilt (>= 1.3.0, < 2.0)
    sinatra-contrib (1.4.2)
      backports (>= 2.0)
      multi_json
      rack-protection
      rack-test
      sinatra (~> 1.4.0)
      tilt (~> 1.3)
    slim (2.0.2)
      temple (~> 0.6.6)
      tilt (>= 1.3.3, < 2.1)
    temple (0.6.7)
    thin (1.6.1)
      daemons (>= 1.0.9)
      eventmachine (>= 1.0.0)
      rack (>= 1.0.0)
    thor (0.18.1)
    tilt (1.4.1)

PLATFORMS
  ruby

DEPENDENCIES
  factual-api
  faraday
  faraday_middleware
  foreman
  glutton_ratelimit
  json
  neography
  oj
  sinatra
  sinatra-assetpack
  sinatra-contrib
  slim
  thin
